PATH
  remote: .
  specs:
    show_for (0.2.5)
      actionpack (~> 4.0.0.beta1)
      activemodel (~> 4.0.0.beta1)

GEM
  remote: http://rubygems.org/
  specs:
    actionpack (4.0.0.beta1)
      activesupport (= 4.0.0.beta1)
      builder (~> 3.1.0)
      erubis (~> 2.7.0)
      rack (~> 1.5.2)
      rack-test (~> 0.6.2)
    activemodel (4.0.0.beta1)
      activesupport (= 4.0.0.beta1)
      builder (~> 3.1.0)
    activesupport (4.0.0.beta1)
      i18n (~> 0.6.2)
      minitest (~> 4.2)
      multi_json (~> 1.3)
      thread_safe (~> 0.1)
      tzinfo (~> 0.3.33)
    atomic (1.0.1)
    builder (3.1.4)
    columnize (0.3.6)
    erubis (2.7.0)
    i18n (0.6.4)
    json (1.7.7)
    linecache (0.46)
      rbx-require-relative (> 0.0.4)
    minitest (4.7.0)
    multi_json (1.7.2)
    rack (1.5.2)
    rack-test (0.6.2)
      rack (>= 1.0)
    railties (4.0.0.beta1)
      actionpack (= 4.0.0.beta1)
      activesupport (= 4.0.0.beta1)
      rake (>= 0.8.7)
      rdoc (~> 3.4)
      thor (>= 0.17.0, < 2.0)
    rake (10.0.4)
    rbx-require-relative (0.0.9)
    rdoc (3.12.2)
      json (~> 1.4)
    ruby-debug (0.10.4)
      columnize (>= 0.1)
      ruby-debug-base (~> 0.10.4.0)
    ruby-debug-base (0.10.4)
      linecache (>= 0.3)
    thor (0.18.0)
    thread_safe (0.1.0)
      atomic
    tzinfo (0.3.37)

PLATFORMS
  ruby

DEPENDENCIES
  railties (~> 4.0.0.beta1)
  rake
  rdoc
  ruby-debug
  show_for!
